GEM
  remote: https://rubygems.org/
  specs:
    actioncable (5.1.0)
      actionpack (= 5.1.0)
      nio4r (~> 2.0)
      websocket-driver (~> 0.6.1)
    actionmailer (5.1.0)
      actionpack (= 5.1.0)
      actionview (= 5.1.0)
      activejob (= 5.1.0)
      mail (~> 2.5, >= 2.5.4)
      rails-dom-testing (~> 2.0)
    actionpack (5.1.0)
      actionview (= 5.1.0)
      activesupport (= 5.1.0)
      rack (~> 2.0)
      rack-test (~> 0.6.3)
      rails-dom-testing (~> 2.0)
      rails-html-sanitizer (~> 1.0, >= 1.0.2)
    actionview (5.1.0)
      activesupport (= 5.1.0)
      builder (~> 3.1)
      erubi (~> 1.4)
      rails-dom-testing (~> 2.0)
      rails-html-sanitizer (~> 1.0, >= 1.0.3)
    activejob (5.1.0)
      activesupport (= 5.1.0)
      globalid (>= 0.3.6)
    activemodel (5.1.0)
      activesupport (= 5.1.0)
    activerecord (5.1.0)
      activemodel (= 5.1.0)
      activesupport (= 5.1.0)
      arel (~> 8.0)
    activerecord-sqlserver-adapter (5.1.1)
      activerecord (~> 5.1.0)
      tiny_tds
    activesupport (5.1.0)
      concurrent-ruby (~> 1.0, >= 1.0.2)
      i18n (~> 0.7)
      minitest (~> 5.1)
      tzinfo (~> 1.1)
    addressable (2.5.1)
      public_suffix (~> 2.0, >= 2.0.2)
    arel (8.0.0)
    ast (2.3.0)
    astrolabe (1.3.1)
      parser (~> 2.2)
    awesome_print (1.8.0)
    aws-partitions (1.10.0)
    aws-sdk (3.0.0.rc9)
      aws-sdk-resources (= 3.0.0.rc2)
    aws-sdk-acm (1.0.0.rc7)
      aws-sdk-core (~> 3.0.0.rc13)
      aws-sigv4 (~> 1.0)
    aws-sdk-apigateway (1.0.0.rc7)
      aws-sdk-core (~> 3.0.0.rc12)
      aws-sigv4 (~> 1.0)
    aws-sdk-applicationautoscaling (1.0.0.rc6)
      aws-sdk-core (~> 3.0.0.rc13)
      aws-sigv4 (~> 1.0)
    aws-sdk-applicationdiscoveryservice (1.0.0.rc6)
      aws-sdk-core (~> 3.0.0.rc12)
      aws-sigv4 (~> 1.0)
    aws-sdk-appstream (1.0.0.rc7)
      aws-sdk-core (~> 3.0.0.rc13)
      aws-sigv4 (~> 1.0)
    aws-sdk-athena (1.0.0.rc1)
      aws-sdk-core (~> 3.0.0.rc12)
      aws-sigv4 (~> 1.0)
    aws-sdk-autoscaling (1.0.0.rc6)
      aws-sdk-core (~> 3.0.0.rc13)
      aws-sigv4 (~> 1.0)
    aws-sdk-batch (1.0.0.rc5)
      aws-sdk-core (~> 3.0.0.rc12)
      aws-sigv4 (~> 1.0)
    aws-sdk-budgets (1.0.0.rc6)
      aws-sdk-core (~> 3.0.0.rc12)
      aws-sigv4 (~> 1.0)
    aws-sdk-clouddirectory (1.0.0.rc6)
      aws-sdk-core (~> 3.0.0.rc13)
      aws-sigv4 (~> 1.0)
    aws-sdk-cloudformation (1.0.0.rc6)
      aws-sdk-core (~> 3.0.0.rc12)
      aws-sigv4 (~> 1.0)
    aws-sdk-cloudfront (1.0.0.rc7)
      aws-sdk-core (~> 3.0.0.rc13)
      aws-sigv4 (~> 1.0)
    aws-sdk-cloudhsm (1.0.0.rc5)
      aws-sdk-core (~> 3.0.0.rc12)
      aws-sigv4 (~> 1.0)
    aws-sdk-cloudsearch (1.0.0.rc5)
      aws-sdk-core (~> 3.0.0.rc12)
      aws-sigv4 (~> 1.0)
    aws-sdk-cloudsearchdomain (1.0.0.rc6)
      aws-sdk-core (~> 3.0.0.rc12)
      aws-sigv4 (~> 1.0)
    aws-sdk-cloudtrail (1.0.0.rc7)
      aws-sdk-core (~> 3.0.0.rc12)
      aws-sigv4 (~> 1.0)
    aws-sdk-cloudwatch (1.0.0.rc5)
      aws-sdk-core (~> 3.0.0.rc12)
      aws-sigv4 (~> 1.0)
    aws-sdk-cloudwatchevents (1.0.0.rc5)
      aws-sdk-core (~> 3.0.0.rc12)
      aws-sigv4 (~> 1.0)
    aws-sdk-cloudwatchlogs (1.0.0.rc6)
      aws-sdk-core (~> 3.0.0.rc12)
      aws-sigv4 (~> 1.0)
    aws-sdk-codebuild (1.0.0.rc8)
      aws-sdk-core (~> 3.0.0.rc13)
      aws-sigv4 (~> 1.0)
    aws-sdk-codecommit (1.0.0.rc6)
      aws-sdk-core (~> 3.0.0.rc12)
      aws-sigv4 (~> 1.0)
    aws-sdk-codedeploy (1.0.0.rc8)
      aws-sdk-core (~> 3.0.0.rc13)
      aws-sigv4 (~> 1.0)
    aws-sdk-codepipeline (1.0.0.rc7)
      aws-sdk-core (~> 3.0.0.rc13)
      aws-sigv4 (~> 1.0)
    aws-sdk-codestar (1.0.0.rc3)
      aws-sdk-core (~> 3.0.0.rc12)
      aws-sigv4 (~> 1.0)
    aws-sdk-cognitoidentity (1.0.0.rc7)
      aws-sdk-core (~> 3.0.0.rc12)
      aws-sigv4 (~> 1.0)
    aws-sdk-cognitoidentityprovider (1.0.0.rc7)
      aws-sdk-core (~> 3.0.0.rc13)
      aws-sigv4 (~> 1.0)
    aws-sdk-cognitosync (1.0.0.rc5)
      aws-sdk-core (~> 3.0.0.rc12)
      aws-sigv4 (~> 1.0)
    aws-sdk-configservice (1.0.0.rc9)
      aws-sdk-core (~> 3.0.0.rc13)
      aws-sigv4 (~> 1.0)
    aws-sdk-core (3.0.0.rc14)
      aws-partitions (~> 1.0)
      aws-sigv4 (~> 1.0)
      jmespath (~> 1.0)
    aws-sdk-costandusagereportservice (1.0.0.rc7)
      aws-sdk-core (~> 3.0.0.rc12)
      aws-sigv4 (~> 1.0)
    aws-sdk-databasemigrationservice (1.0.0.rc7)
      aws-sdk-core (~> 3.0.0.rc13)
      aws-sigv4 (~> 1.0)
    aws-sdk-datapipeline (1.0.0.rc5)
      aws-sdk-core (~> 3.0.0.rc12)
      aws-sigv4 (~> 1.0)
    aws-sdk-dax (1.0.0.rc1)
      aws-sdk-core (~> 3.0.0.rc13)
      aws-sigv4 (~> 1.0)
    aws-sdk-devicefarm (1.0.0.rc5)
      aws-sdk-core (~> 3.0.0.rc12)
      aws-sigv4 (~> 1.0)
    aws-sdk-directconnect (1.0.0.rc7)
      aws-sdk-core (~> 3.0.0.rc12)
      aws-sigv4 (~> 1.0)
    aws-sdk-directoryservice (1.0.0.rc6)
      aws-sdk-core (~> 3.0.0.rc12)
      aws-sigv4 (~> 1.0)
    aws-sdk-dynamodb (1.0.0.rc7)
      aws-sdk-core (~> 3.0.0.rc12)
      aws-sigv4 (~> 1.0)
    aws-sdk-dynamodbstreams (1.0.0.rc6)
      aws-sdk-core (~> 3.0.0.rc12)
      aws-sigv4 (~> 1.0)
    aws-sdk-ec2 (1.0.0.rc8)
      aws-sdk-core (~> 3.0.0.rc13)
      aws-sigv4 (~> 1.0)
    aws-sdk-ecr (1.0.0.rc6)
      aws-sdk-core (~> 3.0.0.rc12)
      aws-sigv4 (~> 1.0)
    aws-sdk-ecs (1.0.0.rc8)
      aws-sdk-core (~> 3.0.0.rc13)
      aws-sigv4 (~> 1.0)
    aws-sdk-efs (1.0.0.rc6)
      aws-sdk-core (~> 3.0.0.rc12)
      aws-sigv4 (~> 1.0)
    aws-sdk-elasticache (1.0.0.rc6)
      aws-sdk-core (~> 3.0.0.rc12)
      aws-sigv4 (~> 1.0)
    aws-sdk-elasticbeanstalk (1.0.0.rc8)
      aws-sdk-core (~> 3.0.0.rc12)
      aws-sigv4 (~> 1.0)
    aws-sdk-elasticloadbalancing (1.0.0.rc6)
      aws-sdk-core (~> 3.0.0.rc13)
      aws-sigv4 (~> 1.0)
    aws-sdk-elasticloadbalancingv2 (1.0.0.rc7)
      aws-sdk-core (~> 3.0.0.rc13)
      aws-sigv4 (~> 1.0)
    aws-sdk-elasticsearchservice (1.0.0.rc6)
      aws-sdk-core (~> 3.0.0.rc12)
      aws-sigv4 (~> 1.0)
    aws-sdk-elastictranscoder (1.0.0.rc5)
      aws-sdk-core (~> 3.0.0.rc12)
      aws-sigv4 (~> 1.0)
    aws-sdk-emr (1.0.0.rc5)
      aws-sdk-core (~> 3.0.0.rc12)
      aws-sigv4 (~> 1.0)
    aws-sdk-firehose (1.0.0.rc7)
      aws-sdk-core (~> 3.0.0.rc12)
      aws-sigv4 (~> 1.0)
    aws-sdk-gamelift (1.0.0.rc6)
      aws-sdk-core (~> 3.0.0.rc12)
      aws-sigv4 (~> 1.0)
    aws-sdk-glacier (1.0.0.rc5)
      aws-sdk-core (~> 3.0.0.rc12)
      aws-sigv4 (~> 1.0)
    aws-sdk-greengrass (1.0.0.rc1)
      aws-sdk-core (~> 3.0.0.rc13)
      aws-sigv4 (~> 1.0)
    aws-sdk-health (1.0.0.rc7)
      aws-sdk-core (~> 3.0.0.rc12)
      aws-sigv4 (~> 1.0)
    aws-sdk-iam (1.0.0.rc7)
      aws-sdk-core (~> 3.0.0.rc12)
      aws-sigv4 (~> 1.0)
    aws-sdk-importexport (1.0.0.rc5)
      aws-sdk-core (~> 3.0.0.rc12)
      aws-sigv2 (~> 1.0)
    aws-sdk-inspector (1.0.0.rc6)
      aws-sdk-core (~> 3.0.0.rc12)
      aws-sigv4 (~> 1.0)
    aws-sdk-iot (1.0.0.rc6)
      aws-sdk-core (~> 3.0.0.rc13)
      aws-sigv4 (~> 1.0)
    aws-sdk-iotdataplane (1.0.0.rc5)
      aws-sdk-core (~> 3.0.0.rc12)
      aws-sigv4 (~> 1.0)
    aws-sdk-kinesis (1.0.0.rc5)
      aws-sdk-core (~> 3.0.0.rc12)
      aws-sigv4 (~> 1.0)
    aws-sdk-kinesisanalytics (1.0.0.rc6)
      aws-sdk-core (~> 3.0.0.rc13)
      aws-sigv4 (~> 1.0)
    aws-sdk-kms (1.0.0.rc7)
      aws-sdk-core (~> 3.0.0.rc12)
      aws-sigv4 (~> 1.0)
    aws-sdk-lambda (1.0.0.rc9)
      aws-sdk-core (~> 3.0.0.rc13)
      aws-sigv4 (~> 1.0)
    aws-sdk-lambdapreview (1.0.0.rc5)
      aws-sdk-core (~> 3.0.0.rc12)
      aws-sigv4 (~> 1.0)
    aws-sdk-lex (1.0.0.rc4)
      aws-sdk-core (~> 3.0.0.rc12)
      aws-sigv4 (~> 1.0)
    aws-sdk-lexmodelbuildingservice (1.0.0.rc5)
      aws-sdk-core (~> 3.0.0.rc13)
      aws-sigv4 (~> 1.0)
    aws-sdk-lightsail (1.0.0.rc7)
      aws-sdk-core (~> 3.0.0.rc13)
      aws-sigv4 (~> 1.0)
    aws-sdk-machinelearning (1.0.0.rc5)
      aws-sdk-core (~> 3.0.0.rc12)
      aws-sigv4 (~> 1.0)
    aws-sdk-marketplacecommerceanalytics (1.0.0.rc6)
      aws-sdk-core (~> 3.0.0.rc12)
      aws-sigv4 (~> 1.0)
    aws-sdk-marketplaceentitlementservice (1.0.0.rc4)
      aws-sdk-core (~> 3.0.0.rc12)
      aws-sigv4 (~> 1.0)
    aws-sdk-marketplacemetering (1.0.0.rc5)
      aws-sdk-core (~> 3.0.0.rc12)
      aws-sigv4 (~> 1.0)
    aws-sdk-mturk (1.0.0.rc6)
      aws-sdk-core (~> 3.0.0.rc12)
      aws-sigv4 (~> 1.0)
    aws-sdk-opsworks (1.0.0.rc6)
      aws-sdk-core (~> 3.0.0.rc13)
      aws-sigv4 (~> 1.0)
    aws-sdk-opsworkscm (1.0.0.rc7)
      aws-sdk-core (~> 3.0.0.rc12)
      aws-sigv4 (~> 1.0)
    aws-sdk-organizations (1.0.0.rc6)
      aws-sdk-core (~> 3.0.0.rc13)
      aws-sigv4 (~> 1.0)
    aws-sdk-pinpoint (1.0.0.rc7)
      aws-sdk-core (~> 3.0.0.rc13)
      aws-sigv4 (~> 1.0)
    aws-sdk-polly (1.0.0.rc7)
      aws-sdk-core (~> 3.0.0.rc12)
      aws-sigv4 (~> 1.0)
    aws-sdk-rds (1.0.0.rc10)
      aws-sdk-core (~> 3.0.0.rc13)
      aws-sigv4 (~> 1.0)
    aws-sdk-redshift (1.0.0.rc5)
      aws-sdk-core (~> 3.0.0.rc12)
      aws-sigv4 (~> 1.0)
    aws-sdk-rekognition (1.0.0.rc10)
      aws-sdk-core (~> 3.0.0.rc13)
      aws-sigv4 (~> 1.0)
    aws-sdk-resourcegroupstaggingapi (1.0.0.rc4)
      aws-sdk-core (~> 3.0.0.rc12)
      aws-sigv4 (~> 1.0)
    aws-sdk-resources (3.0.0.rc2)
      aws-sdk-acm (= 1.0.0.rc7)
      aws-sdk-apigateway (= 1.0.0.rc7)
      aws-sdk-applicationautoscaling (= 1.0.0.rc6)
      aws-sdk-applicationdiscoveryservice (= 1.0.0.rc6)
      aws-sdk-appstream (= 1.0.0.rc7)
      aws-sdk-athena (= 1.0.0.rc1)
      aws-sdk-autoscaling (= 1.0.0.rc6)
      aws-sdk-batch (= 1.0.0.rc5)
      aws-sdk-budgets (= 1.0.0.rc6)
      aws-sdk-clouddirectory (= 1.0.0.rc6)
      aws-sdk-cloudformation (= 1.0.0.rc6)
      aws-sdk-cloudfront (= 1.0.0.rc7)
      aws-sdk-cloudhsm (= 1.0.0.rc5)
      aws-sdk-cloudsearch (= 1.0.0.rc5)
      aws-sdk-cloudsearchdomain (= 1.0.0.rc6)
      aws-sdk-cloudtrail (= 1.0.0.rc7)
      aws-sdk-cloudwatch (= 1.0.0.rc5)
      aws-sdk-cloudwatchevents (= 1.0.0.rc5)
      aws-sdk-cloudwatchlogs (= 1.0.0.rc6)
      aws-sdk-codebuild (= 1.0.0.rc8)
      aws-sdk-codecommit (= 1.0.0.rc6)
      aws-sdk-codedeploy (= 1.0.0.rc8)
      aws-sdk-codepipeline (= 1.0.0.rc7)
      aws-sdk-codestar (= 1.0.0.rc3)
      aws-sdk-cognitoidentity (= 1.0.0.rc7)
      aws-sdk-cognitoidentityprovider (= 1.0.0.rc7)
      aws-sdk-cognitosync (= 1.0.0.rc5)
      aws-sdk-configservice (= 1.0.0.rc9)
      aws-sdk-costandusagereportservice (= 1.0.0.rc7)
      aws-sdk-databasemigrationservice (= 1.0.0.rc7)
      aws-sdk-datapipeline (= 1.0.0.rc5)
      aws-sdk-dax (= 1.0.0.rc1)
      aws-sdk-devicefarm (= 1.0.0.rc5)
      aws-sdk-directconnect (= 1.0.0.rc7)
      aws-sdk-directoryservice (= 1.0.0.rc6)
      aws-sdk-dynamodb (= 1.0.0.rc7)
      aws-sdk-dynamodbstreams (= 1.0.0.rc6)
      aws-sdk-ec2 (= 1.0.0.rc8)
      aws-sdk-ecr (= 1.0.0.rc6)
      aws-sdk-ecs (= 1.0.0.rc8)
      aws-sdk-efs (= 1.0.0.rc6)
      aws-sdk-elasticache (= 1.0.0.rc6)
      aws-sdk-elasticbeanstalk (= 1.0.0.rc8)
      aws-sdk-elasticloadbalancing (= 1.0.0.rc6)
      aws-sdk-elasticloadbalancingv2 (= 1.0.0.rc7)
      aws-sdk-elasticsearchservice (= 1.0.0.rc6)
      aws-sdk-elastictranscoder (= 1.0.0.rc5)
      aws-sdk-emr (= 1.0.0.rc5)
      aws-sdk-firehose (= 1.0.0.rc7)
      aws-sdk-gamelift (= 1.0.0.rc6)
      aws-sdk-glacier (= 1.0.0.rc5)
      aws-sdk-greengrass (= 1.0.0.rc1)
      aws-sdk-health (= 1.0.0.rc7)
      aws-sdk-iam (= 1.0.0.rc7)
      aws-sdk-importexport (= 1.0.0.rc5)
      aws-sdk-inspector (= 1.0.0.rc6)
      aws-sdk-iot (= 1.0.0.rc6)
      aws-sdk-iotdataplane (= 1.0.0.rc5)
      aws-sdk-kinesis (= 1.0.0.rc5)
      aws-sdk-kinesisanalytics (= 1.0.0.rc6)
      aws-sdk-kms (= 1.0.0.rc7)
      aws-sdk-lambda (= 1.0.0.rc9)
      aws-sdk-lambdapreview (= 1.0.0.rc5)
      aws-sdk-lex (= 1.0.0.rc4)
      aws-sdk-lexmodelbuildingservice (= 1.0.0.rc5)
      aws-sdk-lightsail (= 1.0.0.rc7)
      aws-sdk-machinelearning (= 1.0.0.rc5)
      aws-sdk-marketplacecommerceanalytics (= 1.0.0.rc6)
      aws-sdk-marketplaceentitlementservice (= 1.0.0.rc4)
      aws-sdk-marketplacemetering (= 1.0.0.rc5)
      aws-sdk-mturk (= 1.0.0.rc6)
      aws-sdk-opsworks (= 1.0.0.rc6)
      aws-sdk-opsworkscm (= 1.0.0.rc7)
      aws-sdk-organizations (= 1.0.0.rc6)
      aws-sdk-pinpoint (= 1.0.0.rc7)
      aws-sdk-polly (= 1.0.0.rc7)
      aws-sdk-rds (= 1.0.0.rc10)
      aws-sdk-redshift (= 1.0.0.rc5)
      aws-sdk-rekognition (= 1.0.0.rc10)
      aws-sdk-resourcegroupstaggingapi (= 1.0.0.rc4)
      aws-sdk-route53 (= 1.0.0.rc8)
      aws-sdk-route53domains (= 1.0.0.rc5)
      aws-sdk-s3 (= 1.0.0.rc9)
      aws-sdk-servicecatalog (= 1.0.0.rc6)
      aws-sdk-ses (= 1.0.0.rc5)
      aws-sdk-shield (= 1.0.0.rc6)
      aws-sdk-simpledb (= 1.0.0.rc5)
      aws-sdk-sms (= 1.0.0.rc5)
      aws-sdk-snowball (= 1.0.0.rc7)
      aws-sdk-sns (= 1.0.0.rc5)
      aws-sdk-sqs (= 1.0.0.rc8)
      aws-sdk-ssm (= 1.0.0.rc8)
      aws-sdk-states (= 1.0.0.rc4)
      aws-sdk-storagegateway (= 1.0.0.rc8)
      aws-sdk-support (= 1.0.0.rc5)
      aws-sdk-swf (= 1.0.0.rc5)
      aws-sdk-waf (= 1.0.0.rc8)
      aws-sdk-wafregional (= 1.0.0.rc8)
      aws-sdk-workdocs (= 1.0.0.rc6)
      aws-sdk-workspaces (= 1.0.0.rc4)
      aws-sdk-xray (= 1.0.0.rc7)
    aws-sdk-route53 (1.0.0.rc8)
      aws-sdk-core (~> 3.0.0.rc13)
      aws-sigv4 (~> 1.0)
    aws-sdk-route53domains (1.0.0.rc5)
      aws-sdk-core (~> 3.0.0.rc12)
      aws-sigv4 (~> 1.0)
    aws-sdk-s3 (1.0.0.rc9)
      aws-sdk-core (~> 3.0.0.rc13)
      aws-sdk-kms (= 1.0.0.rc7)
      aws-sigv4 (~> 1.0)
    aws-sdk-servicecatalog (1.0.0.rc6)
      aws-sdk-core (~> 3.0.0.rc13)
      aws-sigv4 (~> 1.0)
    aws-sdk-ses (1.0.0.rc5)
      aws-sdk-core (~> 3.0.0.rc12)
      aws-sigv4 (~> 1.0)
    aws-sdk-shield (1.0.0.rc6)
      aws-sdk-core (~> 3.0.0.rc12)
      aws-sigv4 (~> 1.0)
    aws-sdk-simpledb (1.0.0.rc5)
      aws-sdk-core (~> 3.0.0.rc12)
      aws-sigv2 (~> 1.0)
    aws-sdk-sms (1.0.0.rc5)
      aws-sdk-core (~> 3.0.0.rc12)
      aws-sigv4 (~> 1.0)
    aws-sdk-snowball (1.0.0.rc7)
      aws-sdk-core (~> 3.0.0.rc12)
      aws-sigv4 (~> 1.0)
    aws-sdk-sns (1.0.0.rc5)
      aws-sdk-core (~> 3.0.0.rc12)
      aws-sigv4 (~> 1.0)
    aws-sdk-sqs (1.0.0.rc8)
      aws-sdk-core (~> 3.0.0.rc12)
      aws-sigv4 (~> 1.0)
    aws-sdk-ssm (1.0.0.rc8)
      aws-sdk-core (~> 3.0.0.rc13)
      aws-sigv4 (~> 1.0)
    aws-sdk-states (1.0.0.rc4)
      aws-sdk-core (~> 3.0.0.rc12)
      aws-sigv4 (~> 1.0)
    aws-sdk-storagegateway (1.0.0.rc8)
      aws-sdk-core (~> 3.0.0.rc13)
      aws-sigv4 (~> 1.0)
    aws-sdk-support (1.0.0.rc5)
      aws-sdk-core (~> 3.0.0.rc12)
      aws-sigv4 (~> 1.0)
    aws-sdk-swf (1.0.0.rc5)
      aws-sdk-core (~> 3.0.0.rc12)
      aws-sigv4 (~> 1.0)
    aws-sdk-waf (1.0.0.rc8)
      aws-sdk-core (~> 3.0.0.rc13)
      aws-sigv4 (~> 1.0)
    aws-sdk-wafregional (1.0.0.rc8)
      aws-sdk-core (~> 3.0.0.rc13)
      aws-sigv4 (~> 1.0)
    aws-sdk-workdocs (1.0.0.rc6)
      aws-sdk-core (~> 3.0.0.rc13)
      aws-sigv4 (~> 1.0)
    aws-sdk-workspaces (1.0.0.rc4)
      aws-sdk-core (~> 3.0.0.rc12)
      aws-sigv4 (~> 1.0)
    aws-sdk-xray (1.0.0.rc7)
      aws-sdk-core (~> 3.0.0.rc13)
      aws-sigv4 (~> 1.0)
    aws-sigv2 (1.0.0)
    aws-sigv4 (1.0.0)
    backports (3.8.0)
    backup (3.4.0)
      open4 (~> 1.3.0)
      thor (>= 0.15.4, < 2)
    bcrypt (3.1.11)
    builder (3.2.3)
    byebug (9.0.6)
    callsite (0.0.11)
    capybara (2.14.4)
      addressable
      mime-types (>= 1.16)
      nokogiri (>= 1.3.3)
      rack (>= 1.0.0)
      rack-test (>= 0.5.4)
      xpath (~> 2.0)
    childprocess (0.7.1)
      ffi (~> 1.0, >= 1.0.11)
    choice (0.2.0)
    chunky_png (1.3.8)
    clockwork (2.0.2)
      activesupport
      tzinfo
    coderay (1.1.1)
    coffee-rails (4.2.2)
      coffee-script (>= 2.2.0)
      railties (>= 4.0.0)
    coffee-script (2.4.1)
      coffee-script-source
      execjs
    coffee-script-source (1.12.2)
    colorize (0.8.1)
    compass (1.0.3)
      chunky_png (~> 1.2)
      compass-core (~> 1.0.2)
      compass-import-once (~> 1.0.5)
      rb-fsevent (>= 0.9.3)
      rb-inotify (>= 0.9)
      sass (>= 3.3.13, < 3.5)
    compass-core (1.0.3)
      multi_json (~> 1.0)
      sass (>= 3.3.0, < 3.5)
    compass-import-once (1.0.5)
      sass (>= 3.2, < 3.5)
    compass-rails (3.0.2)
      compass (~> 1.0.0)
      sass-rails (< 5.1)
      sprockets (< 4.0)
    concurrent-ruby (1.0.5)
    daemon_controller (1.2.0)
    daemons (1.2.4)
    dalli (2.7.6)
    database_cleaner (1.6.1)
    delayed_job (4.1.5)
      activesupport (>= 3.0, < 5.3)
    delayed_job_active_record (4.1.3)
      activerecord (>= 3.0, < 5.3)
      delayed_job (>= 3.0, < 5)
    descriptive-statistics (2.2.0)
    diff-lcs (1.3)
    docile (1.1.5)
    dotenv (2.2.1)
    ejs (1.1.1)
    erd (0.4.0)
      nokogiri
      rails-erd (>= 0.4.5)
    erubi (1.6.1)
    execjs (2.7.0)
    factory_girl (4.2.0)
      activesupport (>= 3.0.0)
    factory_girl_rails (4.2.0)
      factory_girl (~> 4.2.0)
      railties (>= 3.0.0)
    faker (1.7.3)
      i18n (~> 0.5)
    fastimage (2.1.0)
    ffi (1.9.18)
    font-awesome-rails (4.7.0.2)
      railties (>= 3.2, < 5.2)
    formatador (0.2.5)
    globalid (0.4.0)
      activesupport (>= 4.2.0)
    guard (2.14.1)
      formatador (>= 0.2.4)
      listen (>= 2.7, < 4.0)
      lumberjack (~> 1.0)
      nenv (~> 0.1)
      notiffany (~> 0.0)
      pry (>= 0.9.12)
      shellany (~> 0.0)
      thor (>= 0.18.1)
    guard-compat (1.2.1)
    guard-rspec (4.7.3)
      guard (~> 2.1)
      guard-compat (~> 1.1)
      rspec (>= 2.99.0, < 4.0)
    guard-rubocop (1.3.0)
      guard (~> 2.0)
      rubocop (~> 0.20)
    guard-shell (0.7.1)
      guard (>= 2.0.0)
      guard-compat (~> 1.0)
    guard-spork (2.1.0)
      childprocess (>= 0.2.3)
      guard (~> 2.0)
      guard-compat (~> 1.0)
      spork (>= 0.8.4)
    heroku-deflater (0.6.3)
      rack (>= 1.4.5)
    hirb (0.7.3)
    i18n (0.8.4)
    jasmine-core (2.6.4)
    jasmine-rails (0.14.1)
      jasmine-core (>= 1.3, < 3.0)
      phantomjs (>= 1.9)
      railties (>= 3.2.0)
      sprockets-rails
    jmespath (1.3.1)
    jqcloud-rails (1.0.0)
      jquery-rails
    jquery-rails (4.3.1)
      rails-dom-testing (>= 1, < 3)
      railties (>= 4.2.0)
      thor (>= 0.14, < 2.0)
    json (2.1.0)
    jwt (1.5.6)
    libnotify (0.9.3)
      ffi (>= 1.0.11)
    libv8 (3.16.14.19)
    listen (3.1.5)
      rb-fsevent (~> 0.9, >= 0.9.4)
      rb-inotify (~> 0.9, >= 0.9.7)
      ruby_dep (~> 1.2)
    literate_randomizer (0.4.0)
    loofah (2.0.3)
      nokogiri (>= 1.5.9)
    lumberjack (1.0.12)
    mail (2.6.6)
      mime-types (>= 1.16, < 4)
    meta_request (0.4.3)
      callsite (~> 0.0, >= 0.0.11)
      rack-contrib (>= 1.1, < 3)
      railties (>= 3.0.0, < 5.2.0)
    method_source (0.8.2)
    mime-types (3.1)
      mime-types-data (~> 3.2015)
    mime-types-data (3.2016.0521)
    mini_portile2 (2.2.0)
    minitest (5.10.2)
    multi_json (1.12.1)
    nenv (0.3.0)
    nio4r (2.1.0)
    nmatrix (0.2.3)
      packable (~> 1.3, >= 1.3.5)
    nokogiri (1.8.0)
      mini_portile2 (~> 2.2.0)
    notiffany (0.1.1)
      nenv (~> 0.1)
      shellany (~> 0.0)
    oj (3.2.1)
    oj_mimic_json (1.0.1)
    open4 (1.3.4)
    packable (1.3.9)
      backports
    parallel (1.11.2)
    parser (2.4.0.0)
      ast (~> 2.2)
    passenger (4.0.57)
      daemon_controller (>= 1.2.0)
      rack
      rake (>= 0.8.1)
    pg (0.21.0)
    phantomjs (2.1.1.0)
    powerpack (0.1.1)
    pry (0.10.4)
      coderay (~> 1.1.0)
      method_source (~> 0.8.1)
      slop (~> 3.4)
    public_suffix (2.0.5)
    pundit (1.1.0)
      activesupport (>= 3.0.0)
    rack (2.0.3)
    rack-contrib (1.2.0)
      rack (>= 0.9.1)
    rack-cors (1.0.0)
    rack-test (0.6.3)
      rack (>= 1.0)
    rails (5.1.0)
      actioncable (= 5.1.0)
      actionmailer (= 5.1.0)
      actionpack (= 5.1.0)
      actionview (= 5.1.0)
      activejob (= 5.1.0)
      activemodel (= 5.1.0)
      activerecord (= 5.1.0)
      activesupport (= 5.1.0)
      bundler (>= 1.3.0, < 2.0)
      railties (= 5.1.0)
      sprockets-rails (>= 2.0.0)
    rails-dom-testing (2.0.3)
      activesupport (>= 4.2.0)
      nokogiri (>= 1.6)
    rails-erd (1.5.2)
      activerecord (>= 3.2)
      activesupport (>= 3.2)
      choice (~> 0.2.0)
      ruby-graphviz (~> 1.2)
    rails-html-sanitizer (1.0.3)
      loofah (~> 2.0)
    rails_12factor (0.0.2)
      rails_serve_static_assets
      rails_stdout_logging
    rails_serve_static_assets (0.0.5)
    rails_stdout_logging (0.0.5)
    railties (5.1.0)
      actionpack (= 5.1.0)
      activesupport (= 5.1.0)
      method_source
      rake (>= 0.8.7)
      thor (>= 0.18.1, < 2.0)
    rainbow (2.2.2)
      rake
    rake (12.0.0)
    rb-fsevent (0.10.2)
    rb-inotify (0.9.10)
      ffi (>= 0.5.0, < 2)
    ref (2.0.0)
    roo (2.7.1)
      nokogiri (~> 1)
      rubyzip (~> 1.1, < 2.0.0)
    roo-xls (1.1.0)
      nokogiri
      roo (>= 2.0.0beta1, < 3)
      spreadsheet (> 0.9.0)
    rspec (3.6.0)
      rspec-core (~> 3.6.0)
      rspec-expectations (~> 3.6.0)
      rspec-mocks (~> 3.6.0)
    rspec-core (3.6.0)
      rspec-support (~> 3.6.0)
    rspec-expectations (3.6.0)
      diff-lcs (>= 1.2.0, < 2.0)
      rspec-support (~> 3.6.0)
    rspec-mocks (3.6.0)
      diff-lcs (>= 1.2.0, < 2.0)
      rspec-support (~> 3.6.0)
    rspec-rails (3.6.0)
      actionpack (>= 3.0)
      activesupport (>= 3.0)
      railties (>= 3.0)
      rspec-core (~> 3.6.0)
      rspec-expectations (~> 3.6.0)
      rspec-mocks (~> 3.6.0)
      rspec-support (~> 3.6.0)
    rspec-support (3.6.0)
    rubocop (0.49.1)
      parallel (~> 1.10)
      parser (>= 2.3.3.1, < 3.0)
      powerpack (~> 0.1)
      rainbow (>= 1.99.1, < 3.0)
      ruby-progressbar (~> 1.7)
      unicode-display_width (~> 1.0, >= 1.0.1)
    ruby-graphviz (1.2.3)
    ruby-ole (1.2.12.1)
    ruby-prof (0.16.2)
    ruby-progressbar (1.8.1)
    ruby_dep (1.5.0)
    rubyzip (1.2.1)
    sass (3.4.1)
    sass-rails (5.0.6)
      railties (>= 4.0.0, < 6)
      sass (~> 3.1)
      sprockets (>= 2.8, < 4.0)
      sprockets-rails (>= 2.0, < 4.0)
      tilt (>= 1.1, < 3)
    scss-lint (0.38.0)
      rainbow (~> 2.0)
      sass (~> 3.4.1)
    seed_dump (3.2.4)
      activerecord (>= 4)
      activesupport (>= 4)
    shellany (0.0.1)
    simplecov (0.14.1)
      docile (~> 1.1.0)
      json (>= 1.8, < 3)
      simplecov-html (~> 0.10.0)
    simplecov-html (0.10.1)
    slop (3.6.0)
    spork (0.9.2)
    spreadsheet (1.1.4)
      ruby-ole (>= 1.0)
    sprockets (3.7.1)
      concurrent-ruby (~> 1.0)
      rack (> 1, < 3)
    sprockets-rails (2.3.3)
      actionpack (>= 3.0)
      activesupport (>= 3.0)
      sprockets (>= 2.8, < 4.0)
    therubyracer (0.12.3)
      libv8 (~> 3.16.14.15)
      ref
    thor (0.19.1)
    thread_safe (0.3.6)
    tilt (2.0.7)
    tiny_tds (1.3.0)
      mini_portile2 (~> 2.0)
    transpec (3.3.0)
      activesupport (>= 3.0, < 6.0)
      astrolabe (~> 1.2)
      bundler (~> 1.3)
      json (>= 1.8, < 3.0)
      parser (>= 2.3.0.7)
      rainbow (>= 1.99.1, < 3.0)
    twilio-ruby (4.13.0)
      builder (>= 2.1.2)
      jwt (~> 1.0)
      multi_json (>= 1.3.0)
    tzinfo (1.2.3)
      thread_safe (~> 0.1)
    uglifier (3.2.0)
      execjs (>= 0.3.0, < 3)
    unicode-display_width (1.3.0)
    websocket-driver (0.6.5)
      websocket-extensions (>= 0.1.0)
    websocket-extensions (0.1.2)
    write_xlsx (0.85.5)
      rubyzip (>= 1.0.0)
      zip-zip
    writeexcel (1.0.5)
    xpath (2.1.0)
      nokogiri (~> 1.3)
    yui-compressor (0.12.0)
    zip-zip (0.3)
      rubyzip (>= 1.0.0)

PLATFORMS
  ruby

DEPENDENCIES
  activerecord (>= 4.2.0)
  activerecord-sqlserver-adapter (>= 4.2.0)
  awesome_print
  aws-sdk (~> 3.0.0.rc1)
  backup (= 3.4.0)
  bcrypt
  byebug
  capybara
  clockwork
  coffee-rails
  colorize
  compass-rails (= 3.0.2)
  daemons
  dalli
  database_cleaner
  delayed_job_active_record
  descriptive-statistics
  dotenv
  ejs
  erd
  factory_girl_rails (= 4.2.0)
  faker
  fastimage
  font-awesome-rails
  guard-rspec
  guard-rubocop
  guard-shell
  guard-spork
  heroku-deflater
  hirb
  jasmine-rails
  jqcloud-rails
  jwt
  libnotify
  literate_randomizer (~> 0.4.0)
  mail
  meta_request
  nmatrix
  oj
  oj_mimic_json
  passenger (= 4.0.57)
  pg
  pundit
  rack-cors
  rails (= 5.1.0)
  rails_12factor (= 0.0.2)
  roo
  roo-xls (~> 1.1.0)
  rspec-rails
  ruby-prof
  sass (= 3.4.1)
  sass-rails
  scss-lint (~> 0.38.0)
  seed_dump
  simplecov
  spork
  sprockets
  sprockets-rails (= 2.3.3)
  therubyracer
  thor (= 0.19.1)
  tiny_tds
  transpec
  twilio-ruby
  uglifier
  write_xlsx
  writeexcel
  yui-compressor

RUBY VERSION
   ruby 2.4.1p111

BUNDLED WITH
   1.16.1
